GIT
  remote: https://github.com/beno/no_fuzz.git
  revision: bd02f2e4ef189fe14bdaf11a15c6fa9ea44297df
  specs:
    no_fuzz (0.3.0)
      echoe

GIT
  remote: https://github.com/tardate/paranoid.git
  revision: 445c6658936eba8adb44c0c6e8a88ecbe713df80
  specs:
    paranoid (0.0.10)
      activerecord (~> 3.0.3)
      rails (= 3.0.3)

PATH
  remote: vendor/gems/authlogic
  specs:
    authlogic (2.1.6)
      activesupport

PATH
  remote: vendor/gems/nested_form
  specs:
    nested_form (0.0.0)

GEM
  remote: http://rubygems.org/
  specs:
    abstract (1.0.0)
    actionmailer (3.0.3)
      actionpack (= 3.0.3)
      mail (~> 2.2.9)
    actionpack (3.0.3)
      activemodel (= 3.0.3)
      activesupport (= 3.0.3)
      builder (~> 2.1.2)
      erubis (~> 2.6.6)
      i18n (~> 0.4)
      rack (~> 1.2.1)
      rack-mount (~> 0.6.13)
      rack-test (~> 0.5.6)
      tzinfo (~> 0.3.23)
    activemodel (3.0.3)
      activesupport (= 3.0.3)
      builder (~> 2.1.2)
      i18n (~> 0.4)
    activerecord (3.0.3)
      activemodel (= 3.0.3)
      activesupport (= 3.0.3)
      arel (~> 2.0.2)
      tzinfo (~> 0.3.23)
    activeresource (3.0.3)
      activemodel (= 3.0.3)
      activesupport (= 3.0.3)
    activesupport (3.0.3)
    acts_as_commentable (3.0.1)
    acts_as_list (0.1.2)
    acts_as_tree (0.1.1)
    allison (2.0.3)
    annotate (2.4.0)
    arel (2.0.9)
    awesome_print (0.3.2)
    builder (2.1.2)
    diff-lcs (1.1.2)
    echoe (4.5.2)
      allison
      gemcutter
      rubyforge
    erubis (2.6.6)
      abstract (>= 1.0.0)
    factory_girl (1.3.3)
    factory_girl_rails (1.0.1)
      factory_girl (~> 1.3)
      railties (>= 3.0.0)
    ffaker (1.4.0)
    gemcutter (0.7.0)
    geokit (1.5.0)
    haml (3.0.25)
    handsoap (1.1.8)
    hoe (2.9.1)
      rake (>= 0.8.7)
    httpclient (2.1.6.1)
    i18n (0.5.0)
    icalendar (1.1.6)
    json_pure (1.5.1)
    mail (2.2.15)
      activesupport (>= 2.3.6)
      i18n (>= 0.4.0)
      mime-types (~> 1.16)
      treetop (~> 1.4.8)
    mime-types (1.16)
    nokogiri (1.4.4)
    paperclip (2.3.8)
      activerecord
      activesupport
    polyglot (0.3.1)
    rack (1.2.1)
    rack-mount (0.6.13)
      rack (>= 1.0.0)
    rack-test (0.5.7)
      rack (>= 1.0)
    rails (3.0.3)
      actionmailer (= 3.0.3)
      actionpack (= 3.0.3)
      activerecord (= 3.0.3)
      activeresource (= 3.0.3)
      activesupport (= 3.0.3)
      bundler (~> 1.0)
      railties (= 3.0.3)
    railties (3.0.3)
      actionpack (= 3.0.3)
      activesupport (= 3.0.3)
      rake (>= 0.8.7)
      thor (~> 0.14.4)
    rake (0.8.7)
    rspec (2.5.0)
      rspec-core (~> 2.5.0)
      rspec-expectations (~> 2.5.0)
      rspec-mocks (~> 2.5.0)
    rspec-core (2.5.1)
    rspec-expectations (2.5.0)
      diff-lcs (~> 1.1.2)
    rspec-mocks (2.5.0)
    rspec-rails (2.5.0)
      actionpack (~> 3.0)
      activesupport (~> 3.0)
      railties (~> 3.0)
      rspec (~> 2.5.0)
    rubyforge (2.0.4)
      json_pure (>= 1.1.7)
    rubyntlm (0.1.1)
    simple_column_search (1.1.0)
    sqlite3 (1.3.3)
    test-unit (1.2.3)
      hoe (>= 1.5.1)
    thor (0.14.6)
    treetop (1.4.9)
      polyglot (>= 0.3.1)
    tzinfo (0.3.24)
    viewpoint (0.1.21)
      handsoap
      httpclient
      icalendar (>= 1.1.5)
      mail (>= 2.2.5)
      nokogiri
      rubyntlm
    will_paginate (3.0.pre2)

PLATFORMS
  ruby

DEPENDENCIES
  acts_as_commentable (>= 3.0.1)
  acts_as_list
  acts_as_tree
  annotate (>= 2.4.0)
  authlogic (>= 2.1.6)!
  awesome_print (>= 0.3.1)
  factory_girl (~> 1.3.3)
  factory_girl_rails (~> 1.0.1)
  ffaker (>= 1.0.0)
  geokit
  haml (>= 3.0.24)
  nested_form!
  no_fuzz!
  paperclip (>= 2.3.6)
  paranoid (>= 0.0.10)!
  rails (= 3.0.3)
  rspec (>= 2.4.0)
  rspec-core (>= 2.4.0)
  rspec-expectations (>= 2.4.0)
  rspec-mocks (>= 2.4.0)
  rspec-rails (>= 2.4.1)
  simple_column_search (>= 1.1.0)
  sqlite3
  test-unit (= 1.2.3)
  viewpoint
  will_paginate (>= 3.0.pre2)
